GEM
  specs:
    concurrent-ruby (1.2.3)

PLATFORMS
  x64-mingw-ucrt

DEPENDENCIES
  concurrent-ruby

BUNDLED WITH
   2.4.19
